GEM
  remote: https://rubygems.org/
  specs:
    equatable (0.5.0)
    pastel (0.7.2)
      equatable (~> 0.5.0)
      tty-color (~> 0.4.0)
    tty-color (0.4.2)
    tty-cursor (0.5.0)
    tty-spinner (0.7.0)
      tty-cursor (>= 0.5.0)

PLATFORMS
  x86-mingw32

DEPENDENCIES
  pastel
  tty-cursor
  tty-spinner

BUNDLED WITH
   1.16.0
